GEM
  remote: https://rubygems.org/
  specs:
    amq-client (0.9.11)
      amq-protocol (>= 1.0.1)
      eventmachine
    amq-protocol (1.2.0)
    amqp (0.9.8)
      amq-client (~> 0.9.5)
      amq-protocol (>= 0.9.4)
      eventmachine
    daemons (1.1.9)
    eventmachine (1.0.0)
    haml (4.0.0)
      tilt
    mysql2 (0.3.11)
    rack (1.5.2)
    rack-protection (1.3.2)
      rack
    sequel (3.44.0)
    sinatra (1.3.4)
      rack (~> 1.4)
      rack-protection (~> 1.3)
      tilt (~> 1.3, >= 1.3.3)
    sqlite3 (1.3.7)
    thin (1.5.0)
      daemons (>= 1.0.9)
      eventmachine (>= 0.12.6)
      rack (>= 1.0.0)
    tilt (1.3.3)

PLATFORMS
  ruby

DEPENDENCIES
  amqp
  haml
  mysql2
  sequel
  sinatra
  sqlite3
  thin
